PATH
  remote: .
  specs:
    atig (0.3.8)
      json
      net-irc
      oauth
      rake
      sqlite3 (>= 1.3.2)

GEM
  remote: https://rubygems.org/
  specs:
    diff-lcs (1.2.1)
    json (1.7.7)
    net-irc (0.0.9)
    oauth (0.4.7)
    rake (10.0.3)
    rspec (2.13.0)
      rspec-core (~> 2.13.0)
      rspec-expectations (~> 2.13.0)
      rspec-mocks (~> 2.13.0)
    rspec-core (2.13.0)
    rspec-expectations (2.13.0)
      diff-lcs (>= 1.1.3, < 2.0)
    rspec-mocks (2.13.0)
    sqlite3 (1.3.7)

PLATFORMS
  ruby

DEPENDENCIES
  atig!
  bundler
  rspec
