PATH
  remote: .
  specs:
    atig (0.3.6)
      json
      net-irc
      oauth
      rake
      sqlite3 (>= 1.3.2)

GEM
  remote: http://rubygems.org/
  specs:
    diff-lcs (1.1.3)
    json (1.7.3)
    net-irc (0.0.9)
    oauth (0.4.6)
    rake (0.9.2.2)
    rspec (2.10.0)
      rspec-core (~> 2.10.0)
      rspec-expectations (~> 2.10.0)
      rspec-mocks (~> 2.10.0)
    rspec-core (2.10.1)
    rspec-expectations (2.10.0)
      diff-lcs (~> 1.1.3)
    rspec-mocks (2.10.1)
    sqlite3 (1.3.6)

PLATFORMS
  ruby

DEPENDENCIES
  atig!
  rspec
