PATH
  remote: .
  specs:
    atig (0.3.7)
      json
      net-irc
      oauth
      rake
      sqlite3 (>= 1.3.2)

GEM
  remote: http://rubygems.org/
  specs:
    diff-lcs (1.1.3)
    json (1.7.6)
    net-irc (0.0.9)
    oauth (0.4.7)
    rake (10.0.3)
    rspec (2.12.0)
      rspec-core (~> 2.12.0)
      rspec-expectations (~> 2.12.0)
      rspec-mocks (~> 2.12.0)
    rspec-core (2.12.2)
    rspec-expectations (2.12.1)
      diff-lcs (~> 1.1.3)
    rspec-mocks (2.12.1)
    sqlite3 (1.3.7)

PLATFORMS
  ruby

DEPENDENCIES
  atig!
  rspec
